GIT
  remote: https://github.com/manuelmeurer/baseline.git
  revision: fccf9436c4065f8d07bb206a2b90544af7b30adb
  specs:
    baseline (1.0)

GIT
  remote: https://github.com/rails/sdoc.git
  revision: e9bb867eba81f48c402a129e688e810ec1fa387c
  specs:
    sdoc (3.0.0.alpha)
      nokogiri
      rdoc (>= 5.0)
      rouge

GIT
  remote: https://github.com/twbs/bootstrap-rubygem.git
  revision: 90467dee09b0c6e52e7d58de867148fda0dd9f49
  specs:
    bootstrap (5.3.2)
      autoprefixer-rails (>= 9.1.0)
      popper_js (>= 2.11.8, < 3)

GEM
  remote: https://rubygems.org/
  specs:
    actioncable (7.1.3.2)
      actionpack (= 7.1.3.2)
      activesupport (= 7.1.3.2)
      nio4r (~> 2.0)
      websocket-driver (>= 0.6.1)
      zeitwerk (~> 2.6)
    actionmailbox (7.1.3.2)
      actionpack (= 7.1.3.2)
      activejob (= 7.1.3.2)
      activerecord (= 7.1.3.2)
      activestorage (= 7.1.3.2)
      activesupport (= 7.1.3.2)
      mail (>= 2.7.1)
      net-imap
      net-pop
      net-smtp
    actionmailer (7.1.3.2)
      actionpack (= 7.1.3.2)
      actionview (= 7.1.3.2)
      activejob (= 7.1.3.2)
      activesupport (= 7.1.3.2)
      mail (~> 2.5, >= 2.5.4)
      net-imap
      net-pop
      net-smtp
      rails-dom-testing (~> 2.2)
    actionpack (7.1.3.2)
      actionview (= 7.1.3.2)
      activesupport (= 7.1.3.2)
      nokogiri (>= 1.8.5)
      racc
      rack (>= 2.2.4)
      rack-session (>= 1.0.1)
      rack-test (>= 0.6.3)
      rails-dom-testing (~> 2.2)
      rails-html-sanitizer (~> 1.6)
    actiontext (7.1.3.2)
      actionpack (= 7.1.3.2)
      activerecord (= 7.1.3.2)
      activestorage (= 7.1.3.2)
      activesupport (= 7.1.3.2)
      globalid (>= 0.6.0)
      nokogiri (>= 1.8.5)
    actionview (7.1.3.2)
      activesupport (= 7.1.3.2)
      builder (~> 3.1)
      erubi (~> 1.11)
      rails-dom-testing (~> 2.2)
      rails-html-sanitizer (~> 1.6)
    activejob (7.1.3.2)
      activesupport (= 7.1.3.2)
      globalid (>= 0.3.6)
    activemodel (7.1.3.2)
      activesupport (= 7.1.3.2)
    activerecord (7.1.3.2)
      activemodel (= 7.1.3.2)
      activesupport (= 7.1.3.2)
      timeout (>= 0.4.0)
    activerecord-enhancedsqlite3-adapter (0.5.0)
      activerecord (>= 7.1)
      sqlite3 (~> 1.6)
    activestorage (7.1.3.2)
      actionpack (= 7.1.3.2)
      activejob (= 7.1.3.2)
      activerecord (= 7.1.3.2)
      activesupport (= 7.1.3.2)
      marcel (~> 1.0)
    activesupport (7.1.3.2)
      base64
      bigdecimal
      concurrent-ruby (~> 1.0, >= 1.0.2)
      connection_pool (>= 2.2.5)
      drb
      i18n (>= 1.6, < 2)
      minitest (>= 5.1)
      mutex_m
      tzinfo (~> 2.0)
    amazing_print (1.6.0)
    annotaterb (4.7.0)
    autoprefixer-rails (10.4.16.0)
      execjs (~> 2)
    aws-eventstream (1.3.0)
    aws-partitions (1.904.0)
    aws-sdk-core (3.191.5)
      aws-eventstream (~> 1, >= 1.3.0)
      aws-partitions (~> 1, >= 1.651.0)
      aws-sigv4 (~> 1.8)
      jmespath (~> 1, >= 1.6.1)
    aws-sdk-kms (1.78.0)
      aws-sdk-core (~> 3, >= 3.191.0)
      aws-sigv4 (~> 1.1)
    aws-sdk-s3 (1.146.1)
      aws-sdk-core (~> 3, >= 3.191.0)
      aws-sdk-kms (~> 1)
      aws-sigv4 (~> 1.8)
    aws-sigv4 (1.8.0)
      aws-eventstream (~> 1, >= 1.0.2)
    base64 (0.2.0)
    better_errors (2.10.1)
      erubi (>= 1.0.0)
      rack (>= 0.9.0)
      rouge (>= 1.0.0)
    bigdecimal (3.1.7)
    binding_of_caller (1.0.1)
      debug_inspector (>= 1.2.0)
    bootsnap (1.18.3)
      msgpack (~> 1.2)
    bootstrap-navbar (3.2.2)
      gem_config (~> 0.3)
    builder (3.2.4)
    coderay (1.1.3)
    concurrent-ruby (1.2.3)
    connection_pool (2.4.1)
    crass (1.0.6)
    dartsass-rails (0.5.0)
      railties (>= 6.0.0)
      sass-embedded (~> 1.63)
    date (3.3.4)
    debug_inspector (1.2.0)
    drb (2.2.1)
    envkey (2.4.2)
    erubi (1.12.0)
    execjs (2.9.1)
    friendly_id (5.5.1)
      activerecord (>= 4.0.0)
    gem_config (0.3.2)
    globalid (1.2.1)
      activesupport (>= 6.1)
    google-protobuf (4.26.1-arm64-darwin)
      rake (>= 13)
    google-protobuf (4.26.1-x86_64-linux)
      rake (>= 13)
    haml (6.3.0)
      temple (>= 0.8.2)
      thor
      tilt
    i18n (1.14.4)
      concurrent-ruby (~> 1.0)
    importmap-rails (2.0.1)
      actionpack (>= 6.0.0)
      activesupport (>= 6.0.0)
      railties (>= 6.0.0)
    io-console (0.7.2)
    irb (1.12.0)
      rdoc
      reline (>= 0.4.2)
    jmespath (1.6.2)
    json (2.7.1)
    kredis (1.7.0)
      activemodel (>= 6.0.0)
      activesupport (>= 6.0.0)
      redis (>= 4.2, < 6)
    loofah (2.22.0)
      crass (~> 1.0.2)
      nokogiri (>= 1.12.0)
    mail (2.8.1)
      mini_mime (>= 0.1.1)
      net-imap
      net-pop
      net-smtp
    marcel (1.0.4)
    method_source (1.0.0)
    mini_mime (1.1.5)
    minitest (5.22.3)
    msgpack (1.7.2)
    mutex_m (0.2.0)
    net-imap (0.4.10)
      date
      net-protocol
    net-pop (0.1.2)
      net-protocol
    net-protocol (0.2.2)
      timeout
    net-smtp (0.5.0)
      net-protocol
    nio4r (2.7.1)
    nokogiri (1.16.3-arm64-darwin)
      racc (~> 1.4)
    nokogiri (1.16.3-x86_64-linux)
      racc (~> 1.4)
    octopoller (0.3.1)
    popper_js (2.11.8)
    postmark (1.25.0)
      json
    postmark-rails (0.22.1)
      actionmailer (>= 3.0.0)
      postmark (>= 1.21.3, < 2.0)
    propshaft (0.8.0)
      actionpack (>= 7.0.0)
      activesupport (>= 7.0.0)
      rack
      railties (>= 7.0.0)
    pry (0.14.2)
      coderay (~> 1.1)
      method_source (~> 1.0)
    pry-rails (0.3.9)
      pry (>= 0.10.4)
    psych (5.1.2)
      stringio
    puma (6.4.2)
      nio4r (~> 2.0)
    racc (1.7.3)
    rack (3.0.10)
    rack-session (2.0.0)
      rack (>= 3.0.0)
    rack-test (2.1.0)
      rack (>= 1.3)
    rackup (2.1.0)
      rack (>= 3)
      webrick (~> 1.8)
    rails (7.1.3.2)
      actioncable (= 7.1.3.2)
      actionmailbox (= 7.1.3.2)
      actionmailer (= 7.1.3.2)
      actionpack (= 7.1.3.2)
      actiontext (= 7.1.3.2)
      actionview (= 7.1.3.2)
      activejob (= 7.1.3.2)
      activemodel (= 7.1.3.2)
      activerecord (= 7.1.3.2)
      activestorage (= 7.1.3.2)
      activesupport (= 7.1.3.2)
      bundler (>= 1.15.0)
      railties (= 7.1.3.2)
    rails-dom-testing (2.2.0)
      activesupport (>= 5.0.0)
      minitest
      nokogiri (>= 1.6)
    rails-html-sanitizer (1.6.0)
      loofah (~> 2.21)
      nokogiri (~> 1.14)
    rails-i18n (7.0.9)
      i18n (>= 0.7, < 2)
      railties (>= 6.0.0, < 8)
    rails_bootstrap_navbar (3.0.0)
      bootstrap-navbar (~> 3.0)
      rails (>= 3.0.0)
    railties (7.1.3.2)
      actionpack (= 7.1.3.2)
      activesupport (= 7.1.3.2)
      irb
      rackup (>= 1.0.0)
      rake (>= 12.2)
      thor (~> 1.0, >= 1.2.2)
      zeitwerk (~> 2.6)
    rake (13.1.0)
    rdoc (6.6.3.1)
      psych (>= 4.0.0)
    redis (5.1.0)
      redis-client (>= 0.17.0)
    redis-client (0.21.1)
      connection_pool
    redis-namespace (1.11.0)
      redis (>= 4)
    reline (0.5.0)
      io-console (~> 0.5)
    rouge (4.2.1)
    sass-embedded (1.72.0-arm64-darwin)
      google-protobuf (>= 3.25, < 5.0)
    sass-embedded (1.72.0-x86_64-linux-gnu)
      google-protobuf (>= 3.25, < 5.0)
    sentry-rails (5.17.1)
      railties (>= 5.0)
      sentry-ruby (~> 5.17.1)
    sentry-ruby (5.17.1)
      bigdecimal
      concurrent-ruby (~> 1.0, >= 1.0.2)
    sentry-sidekiq (5.17.1)
      sentry-ruby (~> 5.17.1)
      sidekiq (>= 3.0)
    sidekiq (7.2.2)
      concurrent-ruby (< 2)
      connection_pool (>= 2.3.0)
      rack (>= 2.2.4)
      redis-client (>= 0.19.0)
    sitemap_generator (6.3.0)
      builder (~> 3.0)
    sqlite3 (1.7.3-arm64-darwin)
    sqlite3 (1.7.3-x86_64-linux)
    stimulus-rails (1.3.3)
      railties (>= 6.0.0)
    stringio (3.1.0)
    temple (0.10.3)
    thor (1.3.1)
    tilt (2.3.0)
    timeout (0.4.1)
    turbo-rails (2.0.5)
      actionpack (>= 6.0.0)
      activejob (>= 6.0.0)
      railties (>= 6.0.0)
    tzinfo (2.0.6)
      concurrent-ruby (~> 1.0)
    webrick (1.8.1)
    websocket-driver (0.7.6)
      websocket-extensions (>= 0.1.0)
    websocket-extensions (0.1.5)
    zeitwerk (2.6.13)

PLATFORMS
  arm64-darwin-23
  x86_64-linux

DEPENDENCIES
  activerecord-enhancedsqlite3-adapter (~> 0.5)
  amazing_print (~> 1.5)
  annotaterb (~> 4.4)
  aws-sdk-s3 (~> 1.8)
  baseline!
  better_errors (~> 2.8)
  binding_of_caller (~> 1.0)
  bootsnap (~> 1.17)
  bootstrap!
  dartsass-rails (~> 0.5)
  envkey (~> 2.0)
  friendly_id (~> 5.5)
  haml (~> 6.0)
  importmap-rails (~> 2.0)
  kredis (~> 1.2)
  octopoller (~> 0.3)
  postmark-rails (~> 0.22)
  propshaft (~> 0.8)
  pry-rails (~> 0.3)
  puma (~> 6.4)
  rails (~> 7.1.2)
  rails-i18n (~> 7.0)
  rails_bootstrap_navbar (~> 3.0)
  redis (~> 5.0)
  redis-namespace (~> 1.11)
  sdoc!
  sentry-rails (~> 5.5)
  sentry-sidekiq (~> 5.5)
  sidekiq (~> 7.2)
  sitemap_generator (~> 6.3)
  sqlite3 (~> 1.6)
  stimulus-rails (~> 1.3)
  turbo-rails (~> 2.0)

RUBY VERSION
   ruby 3.3.0p0

BUNDLED WITH
   2.5.6
